GEM
  remote: http://rubygems.org/
  specs:
    activesupport (5.2.4.1)
      concurrent-ruby (~> 1.0, >= 1.0.2)
      i18n (>= 0.7, < 2)
      minitest (~> 5.1)
      tzinfo (~> 1.1)
    adsf (1.4.3)
      rack (>= 1.0.0, < 3.0.0)
    bluecloth (2.2.0)
    builder (3.2.4)
    coderay (1.1.2)
    concurrent-ruby (1.1.6)
    cri (2.15.10)
    faraday (1.0.0)
      multipart-post (>= 1.2, < 3)
    htmlentities (4.3.4)
    i18n (1.8.2)
      concurrent-ruby (~> 1.0)
    kramdown (2.1.0)
    method_source (0.9.2)
    mini_portile2 (2.4.0)
    minitest (5.14.0)
    multipart-post (2.1.1)
    nanoc (3.8.0)
      cri (~> 2.3)
    nokogiri (1.10.8)
      mini_portile2 (~> 2.4.0)
    pdf-core (0.7.0)
    pg (0.18.4)
    prawn (2.2.2)
      pdf-core (~> 0.7.0)
      ttfunk (~> 1.5)
    prawn-table (0.2.2)
      prawn (>= 1.3.0, < 3.0.0)
    pry (0.12.2)
      coderay (~> 1.1.0)
      method_source (~> 0.9.0)
    rack (2.2.2)
    rainpress (1.0.1)
    rmagick (4.0.0)
    rsolr (2.3.0)
      builder (>= 2.1.2)
      faraday (>= 0.9.0)
    systemu (2.6.5)
    thread_safe (0.3.6)
    ttfunk (1.6.2.1)
    tzinfo (1.2.6)
      thread_safe (~> 0.1)
    tzinfo-data (1.2019.3)
      tzinfo (>= 1.0.0)

PLATFORMS
  ruby

DEPENDENCIES
  activesupport (~> 5.0)
  adsf (~> 1.3)
  bluecloth
  builder
  cri
  htmlentities
  kramdown
  nanoc (= 3.8.0)
  nokogiri
  pg (~> 0.18.4)
  prawn
  prawn-table
  pry
  rainpress
  rmagick
  rsolr
  systemu
  tzinfo
  tzinfo-data

BUNDLED WITH
   1.17.3
