GIT
  remote: git://github.com/prawnpdf/prawn
  revision: ba56328a9f02826802941045aea90b12fa545126
  branch: master
  specs:
    prawn (2.0.3)
      pdf-core (~> 0.6.0)
      ttfunk (~> 1.4.0)

GEM
  remote: http://rubygems.org/
  specs:
    activesupport (4.2.5)
      i18n (~> 0.7)
      json (~> 1.7, >= 1.7.7)
      minitest (~> 5.1)
      thread_safe (~> 0.3, >= 0.3.4)
      tzinfo (~> 1.1)
    adsf (1.2.0)
      rack (>= 1.0.0)
    bluecloth (2.2.0)
    builder (3.2.2)
    coderay (1.1.0)
    colored (1.2)
    cri (2.7.0)
      colored (~> 1.2)
    htmlentities (4.3.4)
    i18n (0.7.0)
    json (1.8.3)
    kramdown (1.9.0)
    method_source (0.8.2)
    mini_portile2 (2.0.0)
    minitest (5.8.3)
    nanoc (3.6.5)
      cri (~> 2.3)
    nokogiri (1.6.7.1)
      mini_portile2 (~> 2.0.0.rc2)
    pdf-core (0.6.0)
    pg (0.18.4)
    prawn-table (0.2.2)
      prawn (>= 1.3.0, < 3.0.0)
    pry (0.10.3)
      coderay (~> 1.1.0)
      method_source (~> 0.8.1)
      slop (~> 3.4)
    rack (1.6.4)
    rainpress (1.0)
    rmagick (2.15.4)
    slop (3.6.0)
    systemu (2.6.5)
    thread_safe (0.3.5)
    ttfunk (1.4.0)
    tzinfo (1.2.2)
      thread_safe (~> 0.1)
    tzinfo-data (1.2015.7)
      tzinfo (>= 1.0.0)

PLATFORMS
  ruby

DEPENDENCIES
  activesupport
  adsf
  bluecloth
  builder
  htmlentities
  kramdown
  nanoc (= 3.6.5)
  nokogiri
  pg
  prawn!
  prawn-table
  pry
  rainpress
  rmagick
  systemu
  tzinfo
  tzinfo-data
