GIT
  remote: git://github.com/prawnpdf/prawn
  revision: 44df80661ab89852db5604cb58a08cfc4161951b
  branch: master
  specs:
    prawn (1.0.0.rc2)
      afm
      pdf-reader (~> 1.2)
      ruby-rc4
      ttfunk (~> 1.0.3)

GEM
  remote: http://rubygems.org/
  specs:
    Ascii85 (1.0.2)
    activesupport (3.2.15)
      i18n (~> 0.6, >= 0.6.4)
      multi_json (~> 1.0)
    adsf (1.1.1)
      rack (>= 1.0.0)
    afm (0.2.0)
    allison (2.0.3)
    atomic (1.1.14)
    bluecloth (2.2.0)
    builder (3.2.2)
    coderay (1.1.0)
    colored (1.2)
    cri (2.4.0)
      colored (>= 1.2)
    echoe (4.6.3)
      allison (>= 2.0.3)
      gemcutter (>= 0.7.0)
      rake (>= 0.9.2)
      rdoc (>= 3.6.1)
      rubyforge (>= 2.0.4)
    gemcutter (0.7.1)
    hashery (2.1.1)
    htmlentities (4.3.1)
    i18n (0.6.5)
    json (1.8.1)
    json_pure (1.8.1)
    kramdown (1.2.0)
    method_source (0.8.2)
    mini_portile (0.5.1)
    multi_json (1.8.2)
    nanoc (3.6.5)
      cri (~> 2.3)
    nokogiri (1.6.0)
      mini_portile (~> 0.5.0)
    pdf-reader (1.3.3)
      Ascii85 (~> 1.0.0)
      afm (~> 0.2.0)
      hashery (~> 2.0)
      ruby-rc4
      ttfunk
    pg (0.17.0)
    pry (0.10.1)
      coderay (~> 1.1.0)
      method_source (~> 0.8.1)
      slop (~> 3.4)
    rack (1.5.2)
    rainpress (1.0)
      echoe
    rake (10.1.0)
    rdoc (4.0.1)
      json (~> 1.4)
    rmagick (2.13.2)
    ruby-rc4 (0.1.5)
    rubyforge (2.0.4)
      json_pure (>= 1.1.7)
    slop (3.6.0)
    systemu (2.5.2)
    thread_safe (0.1.3)
      atomic
    ttfunk (1.0.3)
    tzinfo (1.1.0)
      thread_safe (~> 0.1)
    tzinfo-data (1.2014.10)
      tzinfo (>= 1.0.0)

PLATFORMS
  ruby

DEPENDENCIES
  activesupport
  adsf
  bluecloth
  builder
  htmlentities
  kramdown
  nanoc (= 3.6.5)
  nokogiri
  pg
  prawn!
  pry
  rainpress
  rmagick
  systemu
  tzinfo
  tzinfo-data
